GEM
  remote: https://rubygems.org/
  specs:
    stemmer (1.0.1)
    stopwords (0.2)

PLATFORMS
  ruby

DEPENDENCIES
  stemmer
  stopwords
